GEM
  remote: https://rubygems.org/
  specs:
    json (1.8.3)
    kgio (2.9.3)
    pg (0.18.2)
    rack (1.6.4)
    rack-protection (1.5.3)
      rack
    raindrops (0.13.0)
    sinatra (1.4.6)
      rack (~> 1.4)
      rack-protection (~> 1.4)
      tilt (>= 1.3, < 3)
    tilt (2.0.1)
    unicorn (4.9.0)
      kgio (~> 2.6)
      rack
      raindrops (~> 0.7)
    yajl-ruby (1.2.1)

PLATFORMS
  ruby

DEPENDENCIES
  json (= 1.8.3)
  pg
  sinatra
  unicorn
  yajl-ruby
